GEM
  remote: https://rubygems.org/
  specs:
    erubis (2.7.0)
    molinillo (0.6.6)
    multi_json (1.15.0)
    mustermann (1.1.1)
      ruby2_keywords (~> 0.0.1)
    nio4r (2.5.2)
    puma (4.3.5)
      nio4r (~> 2.0)
    rack (2.2.3)
    rack-protection (2.1.0)
      rack
    redis (4.2.1)
    redis-namespace (1.8.0)
      redis (>= 3.0.4)
    resolver (0.1.2)
      redis (> 2.0.0)
      redis-namespace (> 0.8.0)
    ruby2_keywords (0.0.2)
    sinatra (2.1.0)
      mustermann (~> 1.0)
      rack (~> 2.2)
      rack-protection (= 2.1.0)
      tilt (~> 2.0)
    sinatra-contrib (2.1.0)
      multi_json
      mustermann (~> 1.0)
      rack-protection (= 2.1.0)
      sinatra (= 2.1.0)
      tilt (~> 2.0)
    tilt (2.0.10)

PLATFORMS
  ruby

DEPENDENCIES
  erubis
  molinillo
  puma
  resolver
  sinatra (= 2.1.0)
  sinatra-contrib

RUBY VERSION
   ruby 2.7.0p0

BUNDLED WITH
   1.12.5
