GEM
  remote: https://rubygems.org/
  specs:
    backports (3.18.2)
    erubis (2.7.0)
    molinillo (0.6.6)
    multi_json (1.15.0)
    nio4r (2.5.3)
    puma (4.3.6)
      nio4r (~> 2.0)
    rack (1.6.13)
    rack-protection (1.5.5)
      rack
    rack-test (1.1.0)
      rack (>= 1.0, < 3)
    redis (4.2.2)
    redis-namespace (1.8.0)
      redis (>= 3.0.4)
    resolver (0.1.2)
      redis (> 2.0.0)
      redis-namespace (> 0.8.0)
    sinatra (1.4.8)
      rack (~> 1.5)
      rack-protection (~> 1.4)
      tilt (>= 1.3, < 3)
    sinatra-contrib (1.4.7)
      backports (>= 2.0)
      multi_json
      rack-protection
      rack-test
      sinatra (~> 1.4.0)
      tilt (>= 1.3, < 3)
    tilt (2.0.10)

PLATFORMS
  ruby

DEPENDENCIES
  erubis
  molinillo
  puma
  resolver
  sinatra (~> 1.4.7)
  sinatra-contrib

RUBY VERSION
   ruby 2.7.0p0

BUNDLED WITH
   1.12.5
